PATH
  remote: .
  specs:
    bundle-patch (0.1.0)
      bundler-audit

GEM
  remote: https://rubygems.org/
  specs:
    bundler-audit (0.9.2)
      bundler (>= 1.2.0, < 3)
      thor (~> 1.0)
    minitest (5.25.5)
    rake (13.2.1)
    thor (1.3.2)

PLATFORMS
  arm64-darwin-23
  ruby

DEPENDENCIES
  bundle-patch!
  minitest (~> 5.16)
  rake (~> 13.0)

BUNDLED WITH
   2.6.2
